GEM
  remote: https://rubygems.org/
  specs:
    activesupport (5.2.1)
      concurrent-ruby (~> 1.0, >= 1.0.2)
      i18n (>= 0.7, < 2)
      minitest (~> 5.1)
      tzinfo (~> 1.1)
    axiom-types (0.1.1)
      descendants_tracker (~> 0.0.4)
      ice_nine (~> 0.11.0)
      thread_safe (~> 0.3, >= 0.3.1)
    builder (3.2.3)
    coercible (1.0.0)
      descendants_tracker (~> 0.0.1)
    concurrent-ruby (1.0.5)
    descendants_tracker (0.0.4)
      thread_safe (~> 0.3, >= 0.3.1)
    enumerable-lazy (0.0.2)
    equalizer (0.0.11)
    grape (1.1.0)
      activesupport
      builder
      mustermann-grape (~> 1.0.0)
      rack (>= 1.3.0)
      rack-accept
      virtus (>= 1.0.0)
    grape-entity (0.7.1)
      activesupport (>= 4.0)
      multi_json (>= 1.3.2)
    grape-swagger (0.30.1)
      grape (>= 0.16.2)
    hike (1.2.3)
    i18n (0.9.5)
      concurrent-ruby (~> 1.0)
    ice_nine (0.11.2)
    mail (2.7.0)
      mini_mime (>= 0.1.1)
    mime-types (2.99.3)
    mini_mime (1.0.0)
    minitest (5.11.3)
    moneta (1.0.0)
    multi_json (1.13.1)
    mustermann (1.0.2)
    mustermann-grape (1.0.0)
      mustermann (~> 1.0.0)
    mustermann19 (0.4.4)
      enumerable-lazy
    padrino (0.14.2)
      padrino-admin (= 0.14.2)
      padrino-cache (= 0.14.2)
      padrino-core (= 0.14.2)
      padrino-gen (= 0.14.2)
      padrino-helpers (= 0.14.2)
      padrino-mailer (= 0.14.2)
      padrino-support (= 0.14.2)
    padrino-admin (0.14.2)
      padrino-core (= 0.14.2)
      padrino-helpers (= 0.14.2)
    padrino-assets (0.3.1)
      padrino-core
      padrino-helpers
      sprockets (~> 2.4.0)
    padrino-cache (0.14.2)
      moneta (~> 1.0.0)
      padrino-core (= 0.14.2)
      padrino-helpers (= 0.14.2)
    padrino-core (0.14.2)
      mustermann19
      padrino-support (= 0.14.2)
      rack-protection (>= 1.5.0)
      sinatra (>= 1.4.6)
      thor (~> 0.18)
    padrino-gen (0.14.2)
      bundler (~> 1.0)
      padrino-core (= 0.14.2)
    padrino-helpers (0.14.2)
      i18n (~> 0.6, >= 0.6.7)
      padrino-support (= ...